PATH
  remote: .
  specs:
    rollbar-user_informer (0.0.0)
      rollbar (~> 2.15)

GEM
  remote: https://rubygems.org/
  specs:
    ast (2.4.0)
    bump (0.5.4)
    maxitest (2.6.0)
      minitest (>= 5.0.0, < 5.12.0)
    metaclass (0.0.4)
    minitest (5.11.3)
    mocha (1.3.0)
      metaclass (~> 0.0.1)
    multi_json (1.13.1)
    parallel (1.12.1)
    parser (2.5.0.2)
      ast (~> 2.4.0)
    powerpack (0.1.1)
    rainbow (3.0.0)
    rake (12.3.0)
    rollbar (2.15.5)
      multi_json
    rubocop (0.53.0)
      parallel (~> 1.10)
      parser (>= 2.5)
      powerpack (~> 0.1)
      rainbow (>= 2.2.2, < 4.0)
      ruby-progressbar (~> 1.7)
      unicode-display_width (~> 1.0, >= 1.0.1)
    ruby-progressbar (1.9.0)
    single_cov (1.0.0)
    unicode-display_width (1.3.0)

PLATFORMS
  ruby

DEPENDENCIES
  bump
  maxitest
  mocha
  rake
  rollbar-user_informer!
  rubocop
  single_cov

BUNDLED WITH
   1.16.1
